PATH
  remote: .
  specs:
    sigstore (0.1.0)
      protobug_sigstore_protos (~> 0.1.0)

GEM
  remote: https://rubygems.org/
  specs:
    addressable (2.8.6)
      public_suffix (>= 2.0.2, < 6.0)
    ast (2.4.2)
    base64 (0.2.0)
    bigdecimal (3.1.8)
    bigdecimal (3.1.8-java)
    crack (1.0.0)
      bigdecimal
      rexml
    docile (1.4.0)
    hashdiff (1.1.0)
    json (2.7.2)
    json (2.7.2-java)
    language_server-protocol (3.17.0.3)
    parallel (1.24.0)
    parser (3.3.2.0)
      ast (~> 2.4.1)
      racc
    power_assert (2.0.3)
    protobug (0.1.0)
    protobug_googleapis_field_behavior_protos (0.1.0)
      protobug (= 0.1.0)
      protobug_well_known_protos (= 0.1.0)
    protobug_sigstore_protos (0.1.0)
      protobug (= 0.1.0)
      protobug_googleapis_field_behavior_protos (= 0.1.0)
      protobug_well_known_protos (= 0.1.0)
    protobug_well_known_protos (0.1.0)
      protobug (= 0.1.0)
    public_suffix (5.0.5)
    racc (1.8.0)
    racc (1.8.0-java)
    rainbow (3.1.1)
    rake (13.2.1)
    regexp_parser (2.9.2)
    rexml (3.3.2)
      strscan
    rubocop (1.64.1)
      json (~> 2.3)
      language_server-protocol (>= 3.17.0)
      parallel (~> 1.10)
      parser (>= 3.3.0.2)
      rainbow (>= 2.2.2, < 4.0)
      regexp_parser (>= 1.8, < 3.0)
      rexml (>= 3.2.5, < 4.0)
      rubocop-ast (>= 1.31.1, < 2.0)
      ruby-progressbar (~> 1.7)
      unicode-display_width (>= 2.4.0, < 3.0)
    rubocop-ast (1.31.3)
      parser (>= 3.3.1.0)
    rubocop-performance (1.21.1)
      rubocop (>= 1.48.1, < 2.0)
      rubocop-ast (>= 1.31.1, < 2.0)
    rubocop-rake (0.6.0)
      rubocop (~> 1.0)
    ruby-progressbar (1.13.0)
    simplecov (0.22.0)
      docile (~> 1.1)
      simplecov-html (~> 0.11)
      simplecov_json_formatter (~> 0.1)
    simplecov-html (0.12.3)
    simplecov_json_formatter (0.1.4)
    strscan (3.1.0)
    strscan (3.1.0-java)
    test-unit (3.6.2)
      power_assert
    timecop (0.9.10)
    unicode-display_width (2.5.0)
    vcr (6.2.0)
    webmock (3.23.1)
      addressable (>= 2.8.0)
      crack (>= 0.3.2)
      hashdiff (>= 0.4.0, < 2.0.0)

PLATFORMS
  arm64-darwin
  arm64-linux
  java
  ruby
  universal-java-1.8
  universal-java-19
  x86_64-linux

DEPENDENCIES
  base64 (~> 0.2.0)
  rake (~> 13.2)
  rubocop (~> 1.64)
  rubocop-performance (~> 1.21)
  rubocop-rake (~> 0.6.0)
  sigstore!
  simplecov (~> 0.22.0)
  test-unit (~> 3.0)
  timecop (~> 0.9.10)
  vcr (~> 6.2)
  webmock (~> 3.23)

CHECKSUMS
  addressable (2.8.6) sha256=798f6af3556641a7619bad1dce04cdb6eb44b0216a991b0396ea7339276f2b47
  ast (2.4.2) sha256=1e280232e6a33754cde542bc5ef85520b74db2aac73ec14acef453784447cc12
  base64 (0.2.0) sha256=0f25e9b21a02a0cc0cea8ef92b2041035d39350946e8789c562b2d1a3da01507
  bigdecimal (3.1.8) sha256=a89467ed5a44f8ae01824af49cbc575871fa078332e8f77ea425725c1ffe27be
  bigdecimal (3.1.8-java) sha256=b9e94c14623fff8575f17a10320852219bbba92ecff4977571503d942687326e
  crack (1.0.0) sha256=c83aefdb428cdc7b66c7f287e488c796f055c0839e6e545fec2c7047743c4a49
  docile (1.4.0) sha256=5f1734bde23721245c20c3d723e76c104208e1aa01277a69901ce770f0ebb8d3
  hashdiff (1.1.0) sha256=b5465f0e7375f1ee883f53a766ece4dbc764b7674a7c5ffd76e79b2f5f6fc9c9
  json (2.7.2) sha256=1898b5cbc81cd36c0fd4d0b7ad2682c39fb07c5ff682fc6265f678f550d4982c
  json (2.7.2-java) sha256=138e3038b5361b3d06ee2e8aa2be00bed0d0de4ef5f1553fc5935e5b93aca7ee
  language_server-protocol (3.17.0.3) sha256=3d5c58c02f44a20d972957a9febe386d7e7468ab3900ce6bd2b563dd910c6b3f
  parallel (1.24.0) sha256=5bf38efb9b37865f8e93d7a762727f8c5fc5deb19949f4040c76481d5eee9397
  parser (3.3.2.0) sha256=085d6ff5de3db7fa8ce1298abdb08750ccd7c96d0fcb95a90437b6d851378249
  power_assert (2.0.3) sha256=cd5e13c267370427c9804ce6a57925d6030613e341cb48e02eec1f3c772d4cf8
  protobug (0.1.0) sha256=5bf1356cedf99dcf311890743b78f5e602f62ca703e574764337f1996b746bf2
  protobug_googleapis_field_behavior_protos (0.1.0) sha256=db48ef6a5913b2355b4a6931ab400a9e3e995fb48499977a3ad0be6365f9e265
  protobug_sigstore_protos (0.1.0) sha256=4ad1eebaf6454131b6f432dda50ad0e513773613474b92470847614a5acacce1
  protobug_well_known_protos (0.1.0) sha256=356757f562453bb34a28f12e8e9fa357346cca35a6807a549837c3fe256bb5b3
  public_suffix (5.0.5) sha256=72c340218bb384610536919988705cc29e09749c0021fd7005f715c7e5dfc493
  racc (1.8.0) sha256=09349a65c37c4fe710a435f25c9f1652e39f29ad6b1fa08d4a8d30c0553d3a08
  racc (1.8.0-java) sha256=3688448632150682bbd708b199961129aed2266107e26fcacb45c997395c19f9
  rainbow (3.1.1) sha256=039491aa3a89f42efa1d6dec2fc4e62ede96eb6acd95e52f1ad581182b79bc6a
  rake (13.2.1) sha256=46cb38dae65d7d74b6020a4ac9d48afed8eb8149c040eccf0523bec91907059d
  regexp_parser (2.9.2) sha256=5a27e767ad634f8a4b544520d5cd28a0db7aa1198a5d7c9d7e11d7b3d9066446
  rexml (3.3.2) sha256=4513686f858d0ff2e5a412d734c8a192e16cb1df4cb2063f56b72a8ad4c5257f
  rubocop (1.64.1) sha256=3145bf1863771e400a1c041060e751e5ff0edd9ceb99d01df36db1902f611f3b
  rubocop-ast (1.31.3) sha256=1b07d618d8776993ec6053a706d1c09f0bf15139fd69415924656cbff07e7818
  rubocop-performance (1.21.1) sha256=5cf20002a544275ad6aa99abca4b945d2a2ed71be925c38fe83700360ed8734e
  rubocop-rake (0.6.0) sha256=56b6f22189af4b33d4f4e490a555c09f1281b02f4d48c3a61f6e8fe5f401d8db
  ruby-progressbar (1.13.0) sha256=80fc9c47a9b640d6834e0dc7b3c94c9df37f08cb072b7761e4a71e22cff29b33
  sigstore (0.1.0)
  simplecov (0.22.0) sha256=fe2622c7834ff23b98066bb0a854284b2729a569ac659f82621fc22ef36213a5
  simplecov-html (0.12.3) sha256=4b1aad33259ffba8b29c6876c12db70e5750cb9df829486e4c6e5da4fa0aa07b
  simplecov_json_formatter (0.1.4) sha256=529418fbe8de1713ac2b2d612aa3daa56d316975d307244399fa4838c601b428
  strscan (3.1.0) sha256=01b8a81d214fbf7b5308c6fb51b5972bbfc4a6aa1f166fd3618ba97e0fcd5555
  strscan (3.1.0-java) sha256=8645aa76e017e21764c6df572d2d79fcc1672284014f5bdbd806278cdbcd11b0
  test-unit (3.6.2) sha256=3ce480c23990ca504a3f0d6619be2a560e21326cefd1b86d0f9433c387f26039
  timecop (0.9.10) sha256=12ba45ce57cdcf6b1043cb6cdffa6381fd89ce10d369c28a7f6f04dc1b0cd8eb
  unicode-display_width (2.5.0) sha256=7e7681dcade1add70cb9fda20dd77f300b8587c81ebbd165d14fd93144ff0ab4
  vcr (6.2.0) sha256=f960a9a08f904f3577ba212de771171b7e934a319478aa397636daabfcf9490a
  webmock (3.23.1) sha256=0fa738c0767d1c4ec8cc57f6b21998f0c238c8a5b32450df1c847f2767140d95

BUNDLED WITH
   2.5.10
